GEM
  remote: http://rubygems.org/
  specs:
    ProMotion (0.6.2)

PLATFORMS
  ruby

DEPENDENCIES
  ProMotion
